PATH
  remote: .
  specs:
    locality-uuid (1.2.2)
      concurrent-ruby (~> 1.0.2)
      macaddr (~> 1.7)

GEM
  remote: https://rubygems.org/
  specs:
    autotest-standalone (4.5.11)
    concurrent-ruby (1.0.2)
    diff-lcs (1.2.5)
    macaddr (1.7.1)
      systemu (~> 2.6.2)
    metaclass (0.0.4)
    mocha (1.1.0)
      metaclass (~> 0.0.1)
    rspec (3.5.0)
      rspec-core (~> 3.5.0)
      rspec-expectations (~> 3.5.0)
      rspec-mocks (~> 3.5.0)
    rspec-core (3.5.0)
      rspec-support (~> 3.5.0)
    rspec-expectations (3.5.0)
      diff-lcs (>= 1.2.0, < 2.0)
      rspec-support (~> 3.5.0)
    rspec-mocks (3.5.0)
      diff-lcs (>= 1.2.0, < 2.0)
      rspec-support (~> 3.5.0)
    rspec-support (3.5.0)
    systemu (2.6.5)

PLATFORMS
  ruby

DEPENDENCIES
  autotest-standalone (~> 4.5)
  locality-uuid!
  mocha (~> 1.1)
  rspec (~> 3.2)

BUNDLED WITH
   1.12.5
